PATH
  remote: .
  specs:
    roadforest (0.0.3)
      addressable (~> 2.2.8)
      excon (~> 0.25)
      json-ld (~> 1.0.8)
      rdf (~> 1.1.0)
      rdf-rdfa (~> 1.1.0)
      tilt (>= 1.3.6)
      valise (>= 0.9.1)
      webmachine (>= 1.1.0)

GEM
  remote: https://rubygems.org/
  specs:
    addressable (2.2.8)
    as-notifications (1.0.1)
    cadre (0.2.1)
      thor (~> 0.18.1)
      tilt (~> 1.0)
      valise (~> 1.0)
    chunky_png (1.2.9)
    compass (0.12.2)
      chunky_png (~> 1.2)
      fssm (>= 0.2.7)
      sass (~> 3.1)
    corundum (0.3.2)
      bundler
      compass (>= 0.12.1)
      mailfactory (~> 1.4.0)
      mattock (~> 0.7)
      nokogiri
      rdoc
      rspec (>= 2.0)
      sass (>= 3.1)
      simplecov (>= 0.5.4)
      yard
    diff-lcs (1.2.5)
    docile (1.1.1)
    ebnf (0.3.5)
      rdf
      sxp
    excon (0.31.0)
    fssm (0.2.10)
    fuubar (1.3.2)
      rspec (>= 2.14.0, < 3.1.0)
      ruby-progressbar (~> 1.3)
    haml (4.0.4)
      tilt
    htmlentities (4.3.1)
    i18n (0.6.9)
    json (1.8.1)
    json-ld (1.0.8.1)
      json (>= 1.7.5)
      rdf (>= 1.0.8)
    mailfactory (1.4.0)
      mime-types (>= 1.13.1)
    mattock (0.7.0)
      rake (~> 10.0)
      tilt (> 0)
      valise (>= 0.9.1)
    mime-types (2.0)
    mini_portile (0.5.2)
    multi_json (1.8.2)
    nokogiri (1.6.1)
      mini_portile (~> 0.5.0)
    rake (10.1.1)
    rdf (1.1.1)
    rdf-rdfa (1.1.0)
      haml (>= 4.0)
      htmlentities (>= 4.3.1)
      rdf (>= 1.1.0)
      rdf-xsd (>= 1.1)
    rdf-turtle (1.1.1)
      ebnf (>= 0.3.5)
      rdf (>= 1.1)
    rdf-xsd (1.1.0)
      rdf (>= 1.1)
    rdoc (4.0.1)
      json (~> 1.4)
    rspec (2.14.1)
      rspec-core (~> 2.14.0)
      rspec-expectations (~> 2.14.0)
      rspec-mocks (~> 2.14.0)
    rspec-core (2.14.7)
    rspec-expectations (2.14.4)
      diff-lcs (>= 1.1.3, < 2.0)
    rspec-mocks (2.14.4)
    ruby-progressbar (1.3.2)
    sass (3.2.13)
    simplecov (0.8.2)
      docile (~> 1.1.0)
      multi_json
      simplecov-html (~> 0.8.0)
    simplecov-html (0.8.0)
    sxp (0.1.4)
      json (>= 1.1.1)
    thor (0.18.1)
    tilt (1.4.1)
    valise (1.0.0)
    webmachine (1.2.1)
      as-notifications (~> 1.0)
      i18n (>= 0.4.0)
      multi_json
    yard (0.8.7.3)

PLATFORMS
  ruby

DEPENDENCIES
  cadre
  corundum
  fuubar
  rdf-turtle
  roadforest!
