PATH
  remote: .
  specs:
    road-forest (0.0.1)
      rdf (>= 1.0.4)
      tilt (>= 1.3.6)
      valise (>= 0.9.1)
      webmachine (>= 1.1.0)

GEM
  remote: http://rubygems.org/
  specs:
    addressable (2.3.3)
    backports (3.0.3)
    chunky_png (1.2.8)
    compass (0.12.2)
      chunky_png (~> 1.2)
      fssm (>= 0.2.7)
      sass (~> 3.1)
    corundum (0.0.26)
      bundler
      compass (>= 0.12.1)
      mailfactory (~> 1.4.0)
      mattock (>= 0.4.0)
      nokogiri
      rake-rubygems (>= 0.2.0)
      rdoc
      rspec (>= 2.0)
      sass (>= 3.1)
      simplecov (>= 0.5.4)
      yard
    diff-lcs (1.2.2)
    fssm (0.2.10)
    fuubar (1.1.0)
      rspec (~> 2.0)
      rspec-instafail (~> 0.2.0)
      ruby-progressbar (~> 1.0.0)
    haml (4.0.0)
      tilt
    htmlentities (4.3.1)
    i18n (0.6.4)
    json (1.7.7)
    mailfactory (1.4.0)
      mime-types (>= 1.13.1)
    mattock (0.4.1)
      tilt (> 0)
      valise (>= 0.9.1)
    mime-types (1.22)
    multi_json (1.7.2)
    nokogiri (1.5.9)
    rake (10.0.4)
    rake-rubygems (0.2.0)
      rake (>= 0.8.7)
    rdf (1.0.4)
      addressable (>= 2.2)
    rdf-rdfa (1.0.0)
      backports
      haml (>= 3.1.7)
      htmlentities (>= 4.3.1)
      rdf (>= 1.0)
      rdf-xsd (>= 1.0)
    rdf-xsd (1.0.0)
      backports
      nokogiri (>= 1.5.0)
      rdf (>= 0.3.4)
    rdoc (4.0.1)
      json (~> 1.4)
    rspec (2.13.0)
      rspec-core (~> 2.13.0)
      rspec-expectations (~> 2.13.0)
      rspec-mocks (~> 2.13.0)
    rspec-core (2.13.1)
    rspec-expectations (2.13.0)
      diff-lcs (>= 1.1.3, < 2.0)
    rspec-instafail (0.2.4)
    rspec-mocks (2.13.1)
    ruby-progressbar (1.0.2)
    sass (3.2.7)
    simplecov (0.7.1)
      multi_json (~> 1.0)
      simplecov-html (~> 0.7.1)
    simplecov-html (0.7.1)
    tilt (1.3.6)
    valise (0.9.1)
    webmachine (1.1.0)
      i18n (>= 0.4.0)
      multi_json
    yard (0.8.5.2)

PLATFORMS
  ruby

DEPENDENCIES
  corundum
  fuubar
  rdf-rdfa
  road-forest!
